GEM
  remote: https://rubygems.org/
  specs:
    base64 (0.3.0)
    bootstrap (5.3.5)
      popper_js (>= 2.11.8, < 3)
    ffi (1.17.2-x86_64-linux-gnu)
    font-awesome-sass (6.7.2)
      sassc (~> 2.0)
    mustermann (3.0.3)
      ruby2_keywords (~> 0.0.1)
    popper_js (2.11.8)
    rack (2.2.17)
    rack-protection (3.2.0)
      base64 (>= 0.1.0)
      rack (~> 2.2, >= 2.2.4)
    ruby2_keywords (0.0.5)
    sassc (2.4.0)
      ffi (~> 1.9)
    sinatra (3.2.0)
      mustermann (~> 3.0)
      rack (~> 2.2, >= 2.2.4)
      rack-protection (= 3.2.0)
      tilt (~> 2.0)
    tilt (2.6.1)

PLATFORMS
  x86_64-linux

DEPENDENCIES
  bootstrap (~> 5.3)
  font-awesome-sass (~> 6.4)
  sinatra (~> 3.1)

BUNDLED WITH
   2.6.9
